NUGET
  remote: https://www.nuget.org/api/v2
  specs:
    FAKE (4.17.1)
  remote: https://ci.appveyor.com/nuget/nunit
  specs:
    NUnit (3.1.0-CI-2080)
    NUnit.Console (3.1.0-CI-2080)
